GEM
  remote: https://rubygems.org/
  specs:
    colorize (0.8.1)
    connection_pool (2.2.3)
    domain_name (0.5.20190701)
      unf (>= 0.0.5, < 1.0.0)
    http-cookie (1.0.3)
      domain_name (~> 0.5)
    mechanize (2.7.6)
      domain_name (~> 0.5, >= 0.5.1)
      http-cookie (~> 1.0)
      mime-types (>= 1.17.2)
      net-http-digest_auth (~> 1.1, >= 1.1.1)
      net-http-persistent (>= 2.5.2)
      nokogiri (~> 1.6)
      ntlm-http (~> 0.1, >= 0.1.1)
      webrobots (>= 0.0.9, < 0.2)
    mime-types (3.3.1)
      mime-types-data (~> 3.2015)
    mime-types-data (3.2020.0512)
    mini_portile2 (2.6.1)
    net-http-digest_auth (1.4.1)
    net-http-persistent (4.0.0)
      connection_pool (~> 2.2)
    nokogiri (1.12.5)
      mini_portile2 (~> 2.6.1)
      racc (~> 1.4)
    ntlm-http (0.1.1)
    racc (1.5.2)
    unf (0.1.4)
      unf_ext
    unf_ext (0.0.7.7)
    webrobots (0.1.2)

PLATFORMS
  ruby

DEPENDENCIES
  colorize
  mechanize
  nokogiri

BUNDLED WITH
   2.1.4
